GEM
  remote: https://rubygems.org/
  specs:
    dimensions (1.3.0)

PLATFORMS
  ruby

DEPENDENCIES
  dimensions

BUNDLED WITH
   1.15.4
